NUGET
  remote: https://www.nuget.org/api/v2
  specs:
    FAKE (4.17.1)
    FSharp.Core (4.0.0.1)
    Suave (1.1.0)
      FSharp.Core (>= 3.1.2.5)
