NUGET
  remote: https://nuget.org/api/v2
  specs:
    FAKE (3.29.2)
    FSharp.Core (3.1.2.1)
    FsPickler (1.0.17)
    Suave (0.26.1)
      FSharp.Core (>= 3.1.2.1)
      FsPickler (>= 1.0.7)
